GIT
  remote: git://github.com/KonstantinKo/rails_admin_statistics.git
  revision: fcdf67b53c97121b3e817821e1cabb8062b71071
  specs:
    rails_admin_statistics (0.0.4)
      rails
      railties

GIT
  remote: git://github.com/marcaltmann/fastbill-automatic.git
  revision: 709778c050c82accfecb3c7a2a714b0bc3cc2d30
  specs:
    fastbill-automatic (0.2.0)
      json

GIT
  remote: git://github.com/presidentbeef/brakeman.git
  revision: 13bc8dbf628b602298e2c5dbf5dc886013d208a3
  specs:
    brakeman (3.0.0)
      erubis (~> 2.6)
      fastercsv (~> 1.5)
      haml (>= 3.0, < 5.0)
      highline (~> 1.6.20)
      multi_json (~> 1.2)
      ruby2ruby (~> 2.1.1)
      ruby_parser (~> 3.5.0)
      sass (~> 3.0)
      terminal-table (~> 1.4)

GEM
  remote: http://rubygems.org/
  specs:
    actionmailer (4.1.16)
      actionpack (= 4.1.16)
      actionview (= 4.1.16)
      mail (~> 2.5, >= 2.5.4)
    actionpack (4.1.16)
      actionview (= 4.1.16)
      activesupport (= 4.1.16)
      rack (~> 1.5.2)
      rack-test (~> 0.6.2)
    actionview (4.1.16)
      activesupport (= 4.1.16)
      builder (~> 3.1)
      erubis (~> 2.7.0)
    active_data (0.3.0)
      activemodel
      activesupport
    activemodel (4.1.16)
      activesupport (= 4.1.16)
      builder (~> 3.1)
    activerecord (4.1.16)
      activemodel (= 4.1.16)
      activesupport (= 4.1.16)
      arel (~> 5.0.0)
    activerecord-session_store (0.1.0)
      actionpack (>= 4.0.0, < 5)
      activerecord (>= 4.0.0, < 5)
      railties (>= 4.0.0, < 5)
    activesupport (4.1.16)
      i18n (~> 0.6, >= 0.6.9)
      json (~> 1.7, >= 1.7.7)
      minitest (~> 5.1)
      thread_safe (~> 0.1)
      tzinfo (~> 1.1)
    addressable (2.4.0)
    akami (1.2.2)
      gyoku (>= 0.4.0)
      nokogiri
    amoeba (3.0.0)
      activerecord (>= 3.2.6)
    arcane (1.1.1)
      actionpack (>= 3.0.0, < 5.0.0)
      activesupport (>= 3.0.0, < 5.0.0)
    arel (5.0.1.20140414130214)
    ast (2.0.0)
    astrolabe (1.3.0)
      parser (>= 2.2.0.pre.3, < 3.0)
    awesome_nested_set (3.0.2)
      activerecord (>= 4.0.0, < 5)
    awesome_print (1.6.1)
    bcrypt (3.1.11)
    better_errors (2.1.0)
      coderay (>= 1.0.0)
      erubis (>= 2.6.6)
      rack (>= 0.9.0)
    binding_of_caller (0.7.2)
      debug_inspector (>= 0.0.1)
    blue-daemons (1.1.11)
    bluepill (0.0.69)
      activesupport (>= 3, < 5)
      blue-daemons (~> 1.1.11)
      i18n (~> 0.5)
      state_machine (~> 1.1)
    bourbon (4.0.2)
      sass (~> 3.3)
      thor
    builder (3.2.4)
    bullet (4.14.0)
      activesupport (>= 3.0.0)
      uniform_notifier (>= 1.6.0)
    byebug (3.5.1)
      columnize (~> 0.8)
      debugger-linecache (~> 1.2)
      slop (~> 3.6)
    callsite (0.0.11)
    canonical-rails (0.0.7)
      rails (>= 3.1, < 5.0)
    capistrano (3.3.5)
      capistrano-stats (~> 1.1.0)
      i18n
      rake (>= 10.0.0)
      sshkit (~> 1.3)
    capistrano-bundler (1.1.3)
      capistrano (~> 3.1)
      sshkit (~> 1.2)
    capistrano-rails (1.1.7)
      capistrano (~> 3.1)
      capistrano-bundler (~> 1.1)
    capistrano-rbenv (2.0.2)
      capistrano (~> 3.1)
      sshkit (~> 1.3)
    capistrano-stats (1.1.1)
    capybara (2.4.4)
      mime-types (>= 1.16)
      nokogiri (>= 1.3.3)
      rack (>= 1.0.0)
      rack-test (>= 0.5.4)
      xpath (~> 2.0)
    celluloid (0.17.3)
      celluloid-essentials
      celluloid-extras
      celluloid-fsm
      celluloid-pool
      celluloid-supervision
      timers (>= 4.1.1)
    celluloid-essentials (0.20.5)
      timers (>= 4.1.1)
    celluloid-extras (0.20.5)
      timers (>= 4.1.1)
    celluloid-fsm (0.20.5)
      timers (>= 4.1.1)
    celluloid-io (0.17.3)
      celluloid (>= 0.17.2)
      nio4r (>= 1.1)
      timers (>= 4.1.1)
    celluloid-pool (0.20.5)
      timers (>= 4.1.1)
    celluloid-supervision (0.20.6)
      timers (>= 4.1.1)
    chewy (5.0.0)
      activesupport (>= 4.0)
      elasticsearch (>= 2.0.0)
      elasticsearch-dsl
    choice (0.1.7)
    chunky_png (1.3.3)
    climate_control (0.2.0)
    cocaine (0.5.8)
      climate_control (>= 0.0.3, < 1.0)
    code_analyzer (0.4.5)
      sexp_processor
    coderay (1.1.0)
    coffee-rails (4.1.0)
      coffee-script (>= 2.2.0)
      railties (>= 4.0.0, < 5.0)
    coffee-script (2.3.0)
      coffee-script-source
      execjs
    coffee-script-source (1.8.0)
    colored (1.2)
    colorize (0.7.5)
    columnize (0.9.0)
    concurrent-ruby (1.0.5)
    connection_pool (2.2.0)
    coveralls (0.7.1)
      multi_json (~> 1.3)
      rest-client
      simplecov (>= 0.7)
      term-ansicolor
      thor
    crack (0.4.2)
      safe_yaml (~> 1.0.0)
    crass (1.0.1)
    css_parser (1.4.2)
      addressable
    daemons (1.1.9)
    dalli (2.7.2)
    database_cleaner (1.4.0)
    debug_inspector (0.0.2)
    debugger-linecache (1.2.0)
    delayed_paperclip (2.9.2)
      paperclip (>= 3.3)
    devise (3.5.10)
      bcrypt (~> 3.0)
      orm_adapter (~> 0.1)
      railties (>= 3.2.6, < 5)
      responders
      thread_safe (~> 0.1)
      warden (~> 1.2.3)
    docile (1.1.5)
    domain_name (0.5.20160310)
      unf (>= 0.0.5, < 1.0.0)
    easy_translate (0.5.0)
      json
      thread
      thread_safe
    elasticsearch (2.0.0)
      elasticsearch-api (= 2.0.0)
      elasticsearch-transport (= 2.0.0)
    elasticsearch-api (2.0.0)
      multi_json
    elasticsearch-dsl (0.1.6)
    elasticsearch-transport (2.0.0)
      faraday
      multi_json
    em-websocket (0.5.1)
      eventmachine (>= 0.12.9)
      http_parser.rb (~> 0.6.0)
    email_spec (1.6.0)
      launchy (~> 2.1)
      mail (~> 2.2)
    enumerize (0.9.0)
      activesupport (>= 3.2)
    erubis (2.7.0)
    eventmachine (1.0.4)
    exception_notification (4.1.1)
      actionmailer (>= 3.0.4)
      activesupport (>= 3.0.4)
    execjs (2.2.2)
    eye (0.8.1)
      celluloid (~> 0.17.3)
      celluloid-io (~> 0.17.0)
      sigar (~> 0.7.3)
      state_machine
      thor
    factory_bot (4.11.1)
      activesupport (>= 3.0.0)
    factory_bot_rails (4.11.1)
      factory_bot (~> 4.11.1)
      railties (>= 3.0.0)
    fakeredis (0.5.0)
      redis (~> 3.0)
    fakeweb (1.3.0)
    faraday (0.15.2)
      multipart-post (>= 1.2, < 3)
    fastercsv (1.5.5)
    ffaker (1.25.0)
    ffi (1.9.8)
    font-awesome-rails (4.2.0.0)
      railties (>= 3.2, < 5.0)
    formatador (0.2.5)
    formtastic (2.3.1)
      actionpack (>= 3.0)
    friendly_id (5.0.4)
      activerecord (>= 4.0.0)
    guard (2.12.5)
      formatador (>= 0.2.4)
      listen (~> 2.7)
      lumberjack (~> 1.0)
      nenv (~> 0.1)
      notiffany (~> 0.0)
      pry (>= 0.9.12)
      shellany (~> 0.0)
      thor (>= 0.18.1)
    guard-compat (1.2.1)
    guard-ctags-bundler (1.4.0)
      guard (>= 2.0)
      guard-compat (>= 0.1.0)
    guard-livereload (2.4.0)
      em-websocket (~> 0.5)
      guard (~> 2.8)
      multi_json (~> 1.8)
    guard-minitest (2.4.4)
      guard-compat (~> 1.2)
      minitest (>= 3.0)
    guard-rubocop (1.2.0)
      guard (~> 2.0)
      rubocop (~> 0.20)
    gyoku (1.2.2)
      builder (>= 2.1.2)
    haml (4.0.6)
      tilt
    handlebars_assets (0.23.1)
      execjs (~> 2.0)
      multi_json (~> 1.0)
      sprockets (>= 2.0.0)
      tilt (>= 1.2)
    highline (1.6.21)
    hirb (0.7.2)
    hitimes (1.2.4)
    htmlentities (4.3.4)
    http-cookie (1.0.2)
      domain_name (~> 0.5)
    http_parser.rb (0.6.0)
    httpi (2.3.0)
      rack
    i18n (0.7.0)
    i18n-js (3.0.0)
      i18n (~> 0.6, >= 0.6.6)
    i18n-tasks (0.8.3)
      activesupport
      easy_translate (>= 0.5.0)
      erubis
      highline
      i18n
      term-ansicolor
      terminal-table
    ibanomat (0.0.5)
      json
      rest-client
    interception (0.5)
    jbuilder (2.2.6)
      activesupport (>= 3.0.0, < 5)
      multi_json (~> 1.2)
    jquery-rails (3.1.4)
      railties (>= 3.0, < 5.0)
      thor (>= 0.14, < 2.0)
    jquery-ui-rails (5.0.3)
      railties (>= 3.2.16)
    json (1.8.6)
    jsonschema (2.0.2)
    kaminari (0.16.1)
      actionpack (>= 3.0.0)
      activesupport (>= 3.0.0)
    kontoapi-ruby (0.3.0)
      addressable (~> 2.3, >= 2.3.7)
      yajl-ruby (~> 1.2, >= 1.2.1)
    launchy (2.4.3)
      addressable (~> 2.3)
    letter_opener (1.3.0)
      launchy (~> 2.2)
    libv8 (3.16.14.19)
    listen (2.9.0)
      celluloid (>= 0.15.2)
      rb-fsevent (>= 0.9.3)
      rb-inotify (>= 0.9)
    lograge (0.3.0)
      actionpack (>= 3)
      activesupport (>= 3)
      railties (>= 3)
    lumberjack (1.0.9)
    macaddr (1.7.1)
      systemu (~> 2.6.2)
    mail (2.6.4)
      mime-types (>= 1.16, < 4)
    memoist (0.11.0)
    memory_test_fix (1.2.2)
      activerecord (>= 3.2.0, < 4.99.0)
      railties (>= 3.2.0, < 4.99.0)
    meta_request (0.3.4)
      callsite (~> 0.0, >= 0.0.11)
      rack-contrib (~> 1.1)
      railties (>= 3.0.0, < 5.0.0)
    metaclass (0.0.4)
    method_source (0.8.2)
    mime-types (1.25.1)
    mini_portile2 (2.1.0)
    minitest (5.10.1)
    minitest-capybara (0.7.1)
      capybara (~> 2.2)
      minitest (~> 5.0)
      rake
    minitest-line (0.6.2)
      minitest (~> 5.0)
    minitest-matchers (1.4.1)
      minitest (~> 5.0)
    minitest-metadata (0.5.3)
      minitest (>= 4.7, < 6.0)
    minitest-rails (2.1.1)
      minitest (~> 5.4)
      railties (~> 4.1)
    minitest-rails-capybara (2.1.1)
      capybara (~> 2.0)
      minitest-capybara (~> 0.7.0)
      minitest-metadata (~> 0.5.0)
      minitest-rails (~> 2.1)
    minitest-spec-rails (6.0.2)
      minitest (>= 5.0)
      railties (>= 4.1)
    mocha (1.1.0)
      metaclass (~> 0.0.1)
    modernizr-rails (2.7.1)
    monetize (1.1.0)
      money (~> 6.5.0)
    money (6.5.0)
      i18n (>= 0.6.4, <= 0.7.0)
    money-rails (1.2.0)
      activesupport (>= 3.0)
      monetize (~> 1.1.0)
      money (~> 6.5.0)
      railties (>= 3.0)
    multi_json (1.13.1)
    multipart-post (2.0.0)
    nenv (0.2.0)
    nested_form (0.3.2)
    net-scp (1.2.1)
      net-ssh (>= 2.6.5)
    net-ssh (2.9.1)
    netrc (0.11.0)
    newrelic_rpm (3.9.9.275)
    nio4r (1.2.1)
    nokogiri (1.7.2)
      mini_portile2 (~> 2.1.0)
    nokogumbo (1.2.0)
      nokogiri
    nori (2.4.0)
    notiffany (0.0.6)
      nenv (~> 0.1)
      shellany (~> 0.0)
    orm_adapter (0.5.0)
    paperclip (4.2.4)
      activemodel (>= 3.2.0)
      activesupport (>= 3.2.0)
      cocaine (~> 0.5.5)
      mime-types
    parallel (1.3.3)
    parallel_tests (1.0.9)
      parallel
    parser (2.2.0.2)
      ast (>= 1.1, < 3.0)
    paypal_adaptive (0.3.10)
      json (~> 1.0)
      jsonschema (~> 2.0.0)
    pdf-core (0.4.0)
    pg (0.18.4)
    powerpack (0.1.0)
    prawn (1.3.0)
      pdf-core (~> 0.4.0)
      ttfunk (~> 1.4.0)
    prawn_rails (0.0.11)
      prawn (>= 0.11.1)
      railties (>= 3.0.0)
    premailer (1.8.6)
      css_parser (>= 1.3.6)
      htmlentities (>= 4.0.0)
    premailer-rails (1.9.3)
      actionmailer (>= 3, < 6)
      premailer (~> 1.7, >= 1.7.9)
    pry (0.10.1)
      coderay (~> 1.1.0)
      method_source (~> 0.8.1)
      slop (~> 3.4)
    pry-byebug (2.0.0)
      byebug (~> 3.4)
      pry (~> 0.10)
    pry-rails (0.3.2)
      pry (>= 0.9.10)
    pry-rescue (1.4.1)
      interception (>= 0.5)
      pry
    pry-stack_explorer (0.4.9.1)
      binding_of_caller (>= 0.7)
      pry (>= 0.9.11)
    pundit (0.3.0)
      activesupport (>= 3.0.0)
    qtip2-jquery-rails (2.1.108)
      railties (>= 3.1)
    quiet_assets (1.1.0)
      railties (>= 3.1, < 5.0)
    rack (1.5.5)
    rack-contrib (1.2.0)
      rack (>= 0.9.1)
    rack-mini-profiler (0.10.5)
      rack (>= 1.2.0)
    rack-pjax (0.8.0)
      nokogiri (~> 1.5)
      rack (~> 1.1)
    rack-protection (1.5.3)
      rack
    rack-rewrite (1.5.1)
    rack-test (0.6.3)
      rack (>= 1.0)
    rails (4.1.16)
      actionmailer (= 4.1.16)
      actionpack (= 4.1.16)
      actionview (= 4.1.16)
      activemodel (= 4.1.16)
      activerecord (= 4.1.16)
      activesupport (= 4.1.16)
      bundler (>= 1.3.0, < 2.0)
      railties (= 4.1.16)
      sprockets-rails (~> 2.0)
    rails-erd (1.1.0)
      activerecord (>= 3.0)
      activesupport (>= 3.0)
      choice (~> 0.1.6)
      ruby-graphviz (~> 1.0.4)
    rails-observers (0.1.2)
      activemodel (~> 4.0)
    rails-timeago (2.11.1)
      actionpack (>= 3.1)
      activesupport (>= 3.1)
    rails_admin (0.6.6)
      builder (~> 3.1)
      coffee-rails (~> 4.0)
      font-awesome-rails (>= 3.0, < 5)
      haml (~> 4.0)
      jquery-rails (>= 3.0, < 5)
      jquery-ui-rails (~> 5.0)
      kaminari (~> 0.14)
      nested_form (~> 0.3)
      rack-pjax (~> 0.7)
      rails (~> 4.0)
      remotipart (~> 1.0)
      safe_yaml (~> 1.0)
      sass-rails (>= 4.0, < 6)
    rails_admin_nested_set (0.4.0)
      rails_admin (~> 0.6.6)
    rails_best_practices (1.15.4)
      activesupport
      awesome_print
      code_analyzer (>= 0.4.3)
      colored
      erubis
      i18n
      json
      require_all
      ruby-progressbar
    railties (4.1.16)
      actionpack (= 4.1.16)
      activesupport (= 4.1.16)
      rake (>= 0.8.7)
      thor (>= 0.18.1, < 2.0)
    rainbow (2.0.0)
    rake (13.0.1)
    rb-fsevent (0.9.4)
    rb-inotify (0.9.5)
      ffi (>= 0.5.0)
    rb-readline (0.5.4)
    recaptcha (4.8.0)
      json
    redis (3.3.0)
    redis-namespace (1.5.2)
      redis (~> 3.0, >= 3.0.4)
    ref (2.0.0)
    remotipart (1.2.1)
    require_all (1.3.2)
    responders (1.1.2)
      railties (>= 3.2, < 4.2)
    rest-client (1.8.0)
      http-cookie (>= 1.0.2, < 2.0)
      mime-types (>= 1.16, < 3.0)
      netrc (~> 0.7)
    rubocop (0.29.0)
      astrolabe (~> 1.3)
      parser (>= 2.2.0.1, < 3.0)
      powerpack (~> 0.1)
      rainbow (>= 1.99.1, < 3.0)
      ruby-progressbar (~> 1.4)
    ruby-graphviz (1.0.9)
    ruby-progressbar (1.7.1)
    ruby2ruby (2.1.3)
      ruby_parser (~> 3.1)
      sexp_processor (~> 4.0)
    ruby_parser (3.5.0)
      sexp_processor (~> 4.1)
    rubyntlm (0.4.0)
    rufus-scheduler (3.1.10)
    safe_yaml (1.0.4)
    sanitize (3.1.0)
      crass (~> 1.0.1)
      nokogiri (>= 1.4.4)
      nokogumbo (= 1.2.0)
    sass (3.4.24)
    sass-rails (5.0.6)
      railties (>= 4.0.0, < 6)
      sass (~> 3.1)
      sprockets (>= 2.8, < 4.0)
      sprockets-rails (>= 2.0, < 4.0)
      tilt (>= 1.1, < 3)
    savon (2.8.0)
      akami (~> 1.2)
      builder (>= 2.1.2)
      gyoku (~> 1.2)
      httpi (~> 2.3)
      nokogiri (>= 1.4.0)
      nori (~> 2.4)
      uuid (~> 2.3.7)
      wasabi (= 3.3.0)
    selectivizr-rails (1.1.2)
    sexp_processor (4.4.4)
    shellany (0.0.1)
    shoulda (3.5.0)
      shoulda-context (~> 1.0, >= 1.0.1)
      shoulda-matchers (>= 1.4.1, < 3.0)
    shoulda-context (1.2.1)
    shoulda-matchers (2.7.0)
      activesupport (>= 3.0.0)
    sidekiq (4.1.2)
      concurrent-ruby (~> 1.0)
      connection_pool (~> 2.2, >= 2.2.0)
      redis (~> 3.2, >= 3.2.1)
    sidekiq-scheduler (2.0.7)
      multi_json (~> 1)
      redis (~> 3)
      rufus-scheduler (~> 3.1.8)
      sidekiq (>= 3)
      tilt (>= 1.4.0)
    sigar (0.7.3)
    simplecov (0.9.1)
      docile (~> 1.1.0)
      multi_json (~> 1.0)
      simplecov-html (~> 0.8.0)
    simplecov-html (0.8.0)
    simplecov-json (0.2)
      json
      simplecov
    sinatra (1.4.5)
      rack (~> 1.4)
      rack-protection (~> 1.4)
      tilt (~> 1.3, >= 1.3.4)
    slim (3.0.8)
      temple (>= 0.7.6, < 0.9)
      tilt (>= 1.3.3, < 2.1)
    slim-rails (3.1.2)
      actionpack (>= 3.1)
      railties (>= 3.1)
      slim (~> 3.0)
    slop (3.6.0)
    sprite-factory (1.6.1)
    sprockets (3.7.1)
      concurrent-ruby (~> 1.0)
      rack (> 1, < 3)
    sprockets-rails (2.3.3)
      actionpack (>= 3.0)
      activesupport (>= 3.0)
      sprockets (>= 2.8, < 4.0)
    sshkit (1.6.1)
      colorize (>= 0.7.0)
      net-scp (>= 1.1.2)
      net-ssh (>= 2.8.0)
    state_machine (1.2.0)
    susy (2.1.3)
      sass (>= 3.3.0, < 3.5)
    systemu (2.6.4)
    temple (0.8.0)
    term-ansicolor (1.3.0)
      tins (~> 1.0)
    terminal-table (1.4.5)
    therubyracer (0.12.3)
      libv8 (~> 3.16.14.15)
      ref
    therubyrhino (2.0.4)
      therubyrhino_jar (>= 1.7.3)
    therubyrhino_jar (1.7.4)
    thin (1.6.3)
      daemons (~> 1.0, >= 1.0.9)
      eventmachine (~> 1.0)
      rack (~> 1.0)
    thor (1.0.1)
    thread (0.2.0)
    thread_safe (0.3.6)
    tilt (1.4.1)
    timers (4.1.1)
      hitimes
    tins (1.3.3)
    tinymce-rails (4.1.10)
      railties (>= 3.1.1)
    tinymce-rails-langs (4.20140129)
      tinymce-rails (~> 4.0)
    ttfunk (1.4.0)
    tzinfo (1.2.6)
      thread_safe (~> 0.1)
    uglifier (2.7.2)
      execjs (>= 0.3.0)
      json (>= 1.8.0)
    unf (0.1.4)
      unf_ext
    unf_ext (0.0.7.2)
    uniform_notifier (1.6.2)
    uuid (2.3.7)
      macaddr (~> 1.0)
    warden (1.2.6)
      rack (>= 1.0)
    wasabi (3.3.0)
      httpi (~> 2.0)
      mime-types (< 2.0.0)
      nokogiri (>= 1.4.0)
    webmock (1.21.0)
      addressable (>= 2.3.6)
      crack (>= 0.3.2)
    wiselinks (1.2.1)
    xpath (2.0.0)
      nokogiri (~> 1.3)
    yajl-ruby (1.2.1)

PLATFORMS
  ruby

DEPENDENCIES
  active_data
  activerecord-session_store
  amoeba
  arcane
  awesome_nested_set (>= 3.0.0.rc.4)
  better_errors
  binding_of_caller
  bluepill
  bourbon (<= 4.0.2)
  brakeman!
  bullet
  canonical-rails
  capistrano
  capistrano-bundler (~> 1.1.2)
  capistrano-rails (~> 1.1.3)
  capistrano-rbenv
  chewy (= 5.0.0)
  chunky_png
  coffee-rails
  colorize
  coveralls
  dalli
  database_cleaner
  delayed_paperclip (~> 2.9.2)
  devise (~> 3.5.10)
  elasticsearch (= 2.0.0)
  email_spec
  enumerize (>= 0.5.1)
  exception_notification
  eye (~> 0.8.1)
  factory_bot_rails (~> 4.11.1)
  fakeredis
  fakeweb (~> 1.3)
  fastbill-automatic!
  ffaker
  font-awesome-rails (>= 4.2.0.0)
  formtastic (~> 2.3.0.rc3)
  friendly_id (>= 4.0.9)
  guard
  guard-ctags-bundler
  guard-livereload (~> 2.4)
  guard-minitest
  guard-rubocop
  handlebars_assets
  hirb
  i18n-js (~> 3.0.0)
  i18n-tasks (~> 0.8.3)
  ibanomat
  jbuilder
  jquery-rails (~> 3.1.3)
  jquery-ui-rails
  json
  kaminari
  kontoapi-ruby
  launchy
  letter_opener
  lograge
  memoist
  memory_test_fix
  meta_request
  minitest (= 5.10.1)
  minitest-line
  minitest-matchers
  minitest-rails-capybara
  minitest-spec-rails
  mocha
  modernizr-rails
  monetize
  money-rails (> 0.12.0)
  newrelic_rpm
  nokogiri (~> 1.7.2)
  paperclip (~> 4.2.2)
  parallel_tests
  paypal_adaptive
  pg
  prawn_rails
  premailer-rails (~> 1.9.3)
  pry-byebug
  pry-rails
  pry-rescue
  pry-stack_explorer
  pundit
  qtip2-jquery-rails (~> 2.1.107)
  quiet_assets
  rack-contrib
  rack-mini-profiler (~> 0.10.1)
  rack-rewrite
  rails (~> 4.1.16)
  rails-erd
  rails-observers
  rails-timeago
  rails_admin (>= 0.6.6)
  rails_admin_nested_set
  rails_admin_statistics!
  rails_best_practices
  rake
  rb-readline (~> 0.5.4)
  recaptcha
  redis-namespace (~> 1.5.2)
  responders
  rubocop
  rubyntlm
  sanitize
  sass-rails (~> 5.0.6)
  savon
  selectivizr-rails
  shoulda
  sidekiq (~> 4.1.2)
  sidekiq-scheduler (~> 2.0)
  simplecov
  simplecov-json
  sinatra (>= 1.3.0)
  slim-rails (~> 3.1.2)
  sprite-factory
  sprockets
  state_machine
  susy (~> 2.1.1)
  therubyracer
  therubyrhino
  thin
  tinymce-rails (~> 4.1.10)
  tinymce-rails-langs
  uglifier (~> 2.7.2)
  webmock
  wiselinks

BUNDLED WITH
   1.17.3
